{
  "InstitutionAddress": "Orta, Üniversite Cd. No: 27, 34956 Tuzla/İstanbul, Türkiye",
  "InstitutionName": "Sabanci University",
  "InstitutionalDepartmentName": "Psychology",
  "TaskName": "DelayedMatchtoSampleTask",
  "EEGChannelCount": 28,
  "EOGChannelCount": 2,
  "EEGReference": "common",
  "RecordingType": "epoched",
  "EpochLength": 5.05,
  "RecordingDuration": 3434,
  "SamplingFrequency": 1000,
  "SubjectArtefactDescription": "No notes",
  "PowerLineFrequency": "n/a",
  "SoftwareFilters": "n/a"
}